GEM
  remote: https://rubygems.org/
  specs:
    bson (4.8.2)
    mongo (2.12.1)
      bson (>= 4.8.2, < 5.0.0)
    mustermann (2.0.2)
      ruby2_keywords (~> 0.0.1)
    mysql2 (0.5.3)
    pg (1.2.3)
    rack (2.2.4)
    rack-protection (2.2.3)
      rack
    ruby2_keywords (0.0.5)
    sinatra (2.2.3)
      mustermann (~> 2.0)
      rack (~> 2.2)
      rack-protection (= 2.2.3)
      tilt (~> 2.0)
    tilt (2.0.11)
    tiny_tds (2.1.2)

PLATFORMS
  ruby

DEPENDENCIES
  mongo
  mysql2
  pg
  sinatra
  tiny_tds

RUBY VERSION
   ruby 2.5.8p224

BUNDLED WITH
   1.17.3
